GEM
  remote: https://rubygems.org/
  specs:
    addressable (2.3.8)
    coderay (1.1.1)
    diff-lcs (1.2.5)
    docile (1.1.5)
    faraday (0.9.2)
      multipart-post (>= 1.2, < 3)
    git (1.2.9.1)
    highline (1.7.8)
    json (1.8.3)
    method_source (0.8.2)
    multipart-post (2.0.0)
    octokit (4.2.0)
      sawyer (~> 0.6.0, >= 0.5.3)
    pry (0.10.3)
      coderay (~> 1.1.0)
      method_source (~> 0.8.1)
      slop (~> 3.4)
    rspec (3.4.0)
      rspec-core (~> 3.4.0)
      rspec-expectations (~> 3.4.0)
      rspec-mocks (~> 3.4.0)
    rspec-core (3.4.4)
      rspec-support (~> 3.4.0)
    rspec-expectations (3.4.0)
      diff-lcs (>= 1.2.0, < 2.0)
      rspec-support (~> 3.4.0)
    rspec-mocks (3.4.1)
      diff-lcs (>= 1.2.0, < 2.0)
      rspec-support (~> 3.4.0)
    rspec-support (3.4.1)
    sawyer (0.6.0)
      addressable (~> 2.3.5)
      faraday (~> 0.8, < 0.10)
    simplecov (0.11.2)
      docile (~> 1.1.0)
      json (~> 1.8)
      simplecov-html (~> 0.10.0)
    simplecov-html (0.10.0)
    slop (3.6.0)

PLATFORMS
  ruby

DEPENDENCIES
  git
  highline
  octokit
  pry
  rspec
  simplecov

BUNDLED WITH
   1.11.2
